GEM
  remote: http://rubygems.org/
  specs:
    diff-lcs (1.1.3)
    json_pure (1.5.4)
      spruz (~> 0.2.8)
    nokogiri (1.5.3)
    rspec (2.10.0)
      rspec-core (~> 2.10.0)
      rspec-expectations (~> 2.10.0)
      rspec-mocks (~> 2.10.0)
    rspec-core (2.10.1)
    rspec-expectations (2.10.0)
      diff-lcs (~> 1.1.3)
    rspec-mocks (2.10.1)
    spruz (0.2.13)

PLATFORMS
  ruby

DEPENDENCIES
  json_pure (~> 1.0)
  nokogiri (~> 1.0)
  rspec (~> 2.0)
